GEM
  remote: https://rubygems.org/
  specs:
    eventmachine (1.2.3)
    eventmachine (1.2.3-java)
    faye-websocket (0.10.7)
      eventmachine (>= 0.12.0)
      websocket-driver (>= 0.5.1)
    jruby-jars (9.1.10.0)
    jruby-rack (1.1.20)
    puma (3.9.1)
    puma (3.9.1-java)
    rack (2.0.3)
    rake (12.0.0)
    rubyzip (1.2.1)
    warbler (2.0.4)
      jruby-jars (>= 9.0.0.0)
      jruby-rack (>= 1.1.1, < 1.3)
      rake (>= 10.1.0)
      rubyzip (~> 1.0, < 1.4)
    websocket-driver (0.6.5)
      websocket-extensions (>= 0.1.0)
    websocket-driver (0.6.5-java)
      websocket-extensions (>= 0.1.0)
    websocket-extensions (0.1.2)

PLATFORMS
  java
  ruby

DEPENDENCIES
  faye-websocket
  puma
  rack
  warbler

BUNDLED WITH
   1.15.1
